GEM
  remote: https://rubygems.org/
  specs:
    addressable (2.3.5)
    css_parser (1.3.5)
      addressable
    daemons (1.1.9)
    eventmachine (1.0.3)
    haml (4.0.5)
      tilt
    mini_portile (0.5.2)
    nokogiri (1.6.1)
      mini_portile (~> 0.5.0)
    rack (1.5.2)
    rack-protection (1.5.2)
      rack
    roadie (3.0.0.pre1)
      css_parser (~> 1.3.4)
      nokogiri (~> 1.6.0)
    sinatra (1.4.4)
      rack (~> 1.4)
      rack-protection (~> 1.4)
      tilt (~> 1.3, >= 1.3.4)
    thin (1.4.1)
      daemons (>= 1.0.9)
      eventmachine (>= 0.12.6)
      rack (>= 1.0.0)
    tilt (1.4.1)

PLATFORMS
  ruby

DEPENDENCIES
  haml
  roadie (= 3.0.0.pre1)
  sinatra
  thin
